GIT
  remote: https://github.com/GeorgeZhukov/codebreaker.git
  revision: d46851f96965c7e3becf1ed306e3c2010d79238d
  specs:
    codebreaker (0.1.0)

GEM
  remote: https://rubygems.org/
  specs:
    circleci (2.0.2)
    codeclimate-test-reporter (1.0.7)
      simplecov
    diff-lcs (1.3)
    docile (1.3.1)
    json (2.1.0)
    rack (2.0.6)
    rspec (3.8.0)
      rspec-core (~> 3.8.0)
      rspec-expectations (~> 3.8.0)
      rspec-mocks (~> 3.8.0)
    rspec-core (3.8.0)
      rspec-support (~> 3.8.0)
    rspec-expectations (3.8.2)
      diff-lcs (>= 1.2.0, < 2.0)
      rspec-support (~> 3.8.0)
    rspec-mocks (3.8.0)
      diff-lcs (>= 1.2.0, < 2.0)
      rspec-support (~> 3.8.0)
    rspec-support (3.8.0)
    simplecov (0.16.1)
      docile (~> 1.1)
      json (>= 1.8, < 3)
      simplecov-html (~> 0.10.0)
    simplecov-html (0.10.2)

PLATFORMS
  ruby

DEPENDENCIES
  circleci
  codebreaker!
  codeclimate-test-reporter
  rack
  rspec
  simplecov

BUNDLED WITH
   1.17.2
