GIT
  remote: https://github.com/GeorgeZhukov/codebreaker.git
  revision: 216a5bf9841b671168c2f093d214011dbc8156ba
  specs:
    codebreaker (0.1.0)

GEM
  remote: https://rubygems.org/
  specs:
    rack (1.6.1)

PLATFORMS
  ruby

DEPENDENCIES
  codebreaker!
  rack
