GIT
  remote: https://github.com/GeorgeZhukov/codebreaker.git
  revision: 598a3681257e668bb73e0d300cb640c09bc50b67
  specs:
    codebreaker (0.1.0)

GEM
  remote: https://rubygems.org/
  specs:
    rack (1.6.1)

PLATFORMS
  ruby

DEPENDENCIES
  codebreaker!
  rack
